GEM
  remote: https://rubygems.org/
  specs:
    gosu (1.2.0)
    mini_portile2 (2.5.3)
    nokogiri (1.11.7)
      mini_portile2 (~> 2.5.0)
      racc (~> 1.4)
    nokogiri (1.11.7-x64-mingw32)
      racc (~> 1.4)
    racc (1.5.2)

PLATFORMS
  ruby
  x64-mingw32

DEPENDENCIES
  gosu
  nokogiri

BUNDLED WITH
   2.1.4
