GEM
  remote: https://rubygems.org/
  specs:
    gosu (1.2.0)

PLATFORMS
  x64-mingw32

DEPENDENCIES
  gosu

BUNDLED WITH
   2.1.4
